GEM
  remote: https://rubygems.org/
  specs:
    connection_pool (2.4.1)
    pg (1.5.4)

PLATFORMS
  ruby
  x86_64-linux

DEPENDENCIES
  connection_pool
  pg

BUNDLED WITH
   2.5.3
